GIT
  remote: https://github.com/kube-logging/fluent-plugin-label-router.git
  revision: 2ff43789f895735b7852e0a1a809280e22d9e8ef
  ref: 2ff43789f895735b7852e0a1a809280e22d9e8ef
  specs:
    fluent-plugin-label-router (0.2.10)
      concurrent-ruby
      fluentd (>= 0.14.10, < 2)
      prometheus-client (>= 2.1.0)

GEM
  remote: https://rubygems.org/
  specs:
    concurrent-ruby (1.2.2)
    cool.io (1.8.0)
    fluentd (1.16.2)
      bundler
      cool.io (>= 1.4.5, < 2.0.0)
      http_parser.rb (>= 0.5.1, < 0.9.0)
      msgpack (>= 1.3.1, < 2.0.0)
      serverengine (>= 2.3.2, < 3.0.0)
      sigdump (~> 0.2.5)
      strptime (>= 0.2.4, < 1.0.0)
      tzinfo (>= 1.0, < 3.0)
      tzinfo-data (~> 1.0)
      webrick (~> 1.4)
      yajl-ruby (~> 1.0)
    http_parser.rb (0.8.0)
    msgpack (1.7.2)
    prometheus-client (4.2.1)
    serverengine (2.3.2)
      sigdump (~> 0.2.2)
    sigdump (0.2.5)
    strptime (0.2.5)
    tzinfo (2.0.6)
      concurrent-ruby (~> 1.0)
    tzinfo-data (1.2023.3)
      tzinfo (>= 1.0.0)
    webrick (1.8.1)
    yajl-ruby (1.4.3)

PLATFORMS
  x86_64-linux-musl

DEPENDENCIES
  fluent-plugin-label-router!
  fluentd (= 1.16.2)

BUNDLED WITH
   2.4.20